GEM
  remote: https://rubygems.org/
  specs:
    httparty (0.20.0)
      mime-types (~> 3.0)
      multi_xml (>= 0.5.2)
    mime-types (3.4.1)
      mime-types-data (~> 3.2015)
    mime-types-data (3.2021.1115)
    multi_xml (0.6.0)
    nio4r (2.5.8)
    puma (5.5.2)
      nio4r (~> 2.0)
    rack (2.2.3)
    roda (3.50.0)
      rack

PLATFORMS
  ruby

DEPENDENCIES
  httparty
  puma
  rack
  roda

BUNDLED WITH
   2.2.17
